PATH
  remote: .
  specs:
    logstash-cli (0.0.1a)
      amqp
      amqp-utils
      fastercsv
      json
      rack
      thor
      tire
      yajl-ruby

GEM
  remote: http://rubygems.org/
  specs:
    activemodel (3.2.3)
      activesupport (= 3.2.3)
      builder (~> 3.0.0)
    activesupport (3.2.3)
      i18n (~> 0.6)
      multi_json (~> 1.0)
    amqp (0.7.5)
      eventmachine
    amqp-utils (0.5.1)
      amqp (~> 0.7.1)
      clio (~> 0.3.0)
      facets (~> 2.9)
      heredoc_unindent (~> 1.1.2)
      json (~> 1.5)
      msgpack (~> 0.4.5)
      trollop (~> 1.16.2)
    builder (3.0.0)
    clio (0.3.0)
    eventmachine (0.12.10)
    facets (2.9.3)
    fastercsv (1.5.4)
    hashr (0.0.21)
    heredoc_unindent (1.1.2)
    i18n (0.6.0)
    json (1.7.1)
    mime-types (1.18)
    msgpack (0.4.7)
    multi_json (1.3.4)
    rack (1.4.1)
    rake (0.9.2.2)
    rest-client (1.6.7)
      mime-types (>= 1.16)
    thor (0.15.2)
    tire (0.4.2)
      activemodel (>= 3.0)
      hashr (~> 0.0.19)
      multi_json (~> 1.0)
      rake
      rest-client (~> 1.6)
    trollop (1.16.2)
    yajl-ruby (1.1.0)

PLATFORMS
  ruby

DEPENDENCIES
  bundler (>= 1.0.0)
  logstash-cli!
  rake
